PATH
  remote: .
  specs:
    rails-dom-testing (2.0.2)
      activesupport (>= 4.2.0)
      nokogiri (>= 1.6)

GEM
  remote: https://rubygems.org/
  specs:
    activesupport (6.0.0)
      concurrent-ruby (~> 1.0, >= 1.0.2)
      i18n (>= 0.7, < 2)
      minitest (~> 5.1)
      tzinfo (~> 1.1)
      zeitwerk (~> 2.1, >= 2.1.8)
    concurrent-ruby (1.1.5)
    i18n (1.6.0)
      concurrent-ruby (~> 1.0)
    mini_portile2 (2.4.0)
    minitest (5.10.1)
    nokogiri (1.10.8)
      mini_portile2 (~> 2.4.0)
    rake (12.0.0)
    thread_safe (0.3.6)
    tzinfo (1.2.5)
      thread_safe (~> 0.1)
    zeitwerk (2.1.10)

PLATFORMS
  ruby

DEPENDENCIES
  bundler (>= 1.3)
  minitest
  rails-dom-testing!
  rake

BUNDLED WITH
   1.13.7
