PATH
  remote: .
  specs:
    rails-dom-testing (2.0.3)
      activesupport (>= 5.0.0)
      nokogiri (>= 1.13.2)

GEM
  remote: https://rubygems.org/
  specs:
    activesupport (7.0.2.3)
      concurrent-ruby (~> 1.0, >= 1.0.2)
      i18n (>= 1.6, < 2)
      minitest (>= 5.1)
      tzinfo (~> 2.0)
    concurrent-ruby (1.1.10)
    i18n (1.10.0)
      concurrent-ruby (~> 1.0)
    minitest (5.10.1)
    nokogiri (1.13.3)
      racc (~> 1.4)
    racc (1.6.0)
    rake (13.0.1)
    tzinfo (2.0.4)
      concurrent-ruby (~> 1.0)

PLATFORMS
  ruby

DEPENDENCIES
  bundler (>= 1.3)
  minitest
  rails-dom-testing!
  rake

BUNDLED WITH
   1.13.7
